GIT
  remote: https://github.com/Typeform/create-api-gem.git
  revision: 393ab0974d8f498c2353262559dd3b54d445101c
  specs:
    create_api_gem (0.0.1)
      ffaker
      json
      rack
      rest-client (>= 2)

GEM
  remote: https://rubygems.org/
  specs:
    colorize (0.8.1)
    domain_name (0.5.20180417)
      unf (>= 0.0.5, < 1.0.0)
    ffaker (2.9.0)
    http-cookie (1.0.3)
      domain_name (~> 0.5)
    json (2.1.0)
    mime-types (3.1)
      mime-types-data (~> 3.2015)
    mime-types-data (3.2016.0521)
    netrc (0.11.0)
    rack (2.0.5)
    rest-client (2.0.2)
      http-cookie (>= 1.0.2, < 2.0)
      mime-types (>= 1.16, < 4.0)
      netrc (~> 0.8)
    unf (0.1.4)
      unf_ext
    unf_ext (0.0.7.5)

PLATFORMS
  ruby

DEPENDENCIES
  colorize
  create_api_gem!

BUNDLED WITH
   1.16.1
